PATH
  remote: .
  specs:
    dorsey (0.0.1)

GEM
  remote: https://rubygems.org/
  specs:
    minitest (5.10.2)
    rake (10.4.2)

PLATFORMS
  ruby

DEPENDENCIES
  bundler (~> 1.16)
  dorsey!
  minitest (~> 5.0)
  rake (~> 10.0)

BUNDLED WITH
   1.16.0
